GEM
  remote: https://rubygems.org/
  specs:
    abstract_type (0.0.7)
    adamantium (0.2.0)
      ice_nine (~> 0.11.0)
      memoizable (~> 0.4.0)
    anima (0.2.0)
      abstract_type (~> 0.0.7)
      adamantium (~> 0.1)
      equalizer (~> 0.0.8)
    ast (1.1.0)
    atomic (1.1.15)
    concord (0.1.4)
      adamantium (~> 0.1)
      equalizer (~> 0.0.7)
    descendants_tracker (0.0.3)
    equalizer (0.0.9)
    ice_nine (0.11.0)
    inflecto (0.0.2)
    memoizable (0.4.0)
      thread_safe (~> 0.1.3)
    morpher (0.0.1)
      abstract_type (~> 0.0.7)
      adamantium (~> 0.2.0)
      anima (~> 0.2.0)
      ast (~> 1.1.0)
      concord (~> 0.1.4)
      equalizer (~> 0.0.9)
      ice_nine (~> 0.11.0)
    mutant (0.5.1)
      abstract_type (~> 0.0.7)
      adamantium (~> 0.2.0)
      anima (~> 0.2.0)
      concord (~> 0.1.4)
      descendants_tracker (~> 0.0.1)
      equalizer (~> 0.0.7)
      ice_nine (~> 0.11.0)
      inflecto (~> 0.0.2)
      morpher (~> 0.0.1)
      parser (~> 2.1.4)
      procto (~> 0.0.2)
      unparser (~> 0.1.8)
    mutant-rspec (0.5.0)
      mutant (~> 0.5.0)
      rspec-core (~> 2.14.1)
    parser (2.1.5)
      ast (~> 1.1)
      slop (~> 3.4, >= 3.4.5)
    procto (0.0.2)
    rake (10.1.1)
    rspec-core (2.14.8)
    slop (3.4.7)
    thread_safe (0.1.3)
      atomic
    unparser (0.1.9)
      abstract_type (~> 0.0.7)
      adamantium (~> 0.1)
      concord (~> 0.1.4)
      equalizer (~> 0.0.7)
      parser (~> 2.1.0)
      procto (~> 0.0.2)

PLATFORMS
  ruby

DEPENDENCIES
  mutant (~> 0.5.0)
  mutant-rspec (~> 0.5.0)
  rake
